GEM
  remote: https://rubygems.org/
  specs:
    dotenv (2.7.6)

PLATFORMS
  x64-mingw32

DEPENDENCIES
  dotenv (~> 2.7, >= 2.7.6)

BUNDLED WITH
   2.2.17
