GEM
  remote: https://rubygems.org/
  specs:
    dotenv (2.7.6)
    httpclient (2.8.3)

PLATFORMS
  x64-mingw32

DEPENDENCIES
  dotenv (~> 2.7, >= 2.7.6)
  httpclient (~> 2.8, >= 2.8.3)

BUNDLED WITH
   2.2.17
